GEM
  remote: https://rubygems.org/
  specs:
    addressable (2.7.0)
      public_suffix (>= 2.0.2, < 5.0)
    ast (2.4.2)
    aws-eventstream (1.1.0)
    aws-partitions (1.420.0)
    aws-sdk-codecommit (1.40.0)
      aws-sdk-core (~> 3, >= 3.109.0)
      aws-sigv4 (~> 1.1)
    aws-sdk-core (3.111.2)
      aws-eventstream (~> 1, >= 1.0.2)
      aws-partitions (~> 1, >= 1.239.0)
      aws-sigv4 (~> 1.1)
      jmespath (~> 1.0)
    aws-sdk-ecr (1.40.0)
      aws-sdk-core (~> 3, >= 3.109.0)
      aws-sigv4 (~> 1.1)
    aws-sigv4 (1.2.2)
      aws-eventstream (~> 1, >= 1.0.2)
    backport (1.1.2)
    benchmark (0.1.1)
    citrus (3.0.2)
    commonmarker (0.21.1)
      ruby-enum (~> 0.5)
    concurrent-ruby (1.1.8)
    debase (0.2.4.1)
      debase-ruby_core_source (>= 0.10.2)
    debase-ruby_core_source (0.10.11)
    dependabot-bundler (0.130.3)
      dependabot-common (= 0.130.3)
    dependabot-cargo (0.130.3)
      dependabot-common (= 0.130.3)
    dependabot-common (0.130.3)
      aws-sdk-codecommit (~> 1.28)
      aws-sdk-ecr (~> 1.5)
      bundler (>= 1.16, < 3.0.0)
      commonmarker (>= 0.20.1, < 0.22.0)
      docker_registry2 (~> 1.7, >= 1.7.1)
      excon (~> 0.75)
      gitlab (= 4.17.0)
      nokogiri (~> 1.8)
      octokit (~> 4.6)
      pandoc-ruby (~> 2.0)
      parser (>= 2.5, < 4.0)
      toml-rb (>= 1.1.2, < 3.0)
    dependabot-composer (0.130.3)
      dependabot-common (= 0.130.3)
    dependabot-dep (0.130.3)
      dependabot-common (= 0.130.3)
    dependabot-docker (0.130.3)
      dependabot-common (= 0.130.3)
    dependabot-elm (0.130.3)
      dependabot-common (= 0.130.3)
    dependabot-git_submodules (0.130.3)
      dependabot-common (= 0.130.3)
      parseconfig (~> 1.0, < 1.1.0)
    dependabot-github_actions (0.130.3)
      dependabot-common (= 0.130.3)
    dependabot-go_modules (0.130.3)
      dependabot-common (= 0.130.3)
    dependabot-gradle (0.130.3)
      dependabot-common (= 0.130.3)
    dependabot-hex (0.130.3)
      dependabot-common (= 0.130.3)
    dependabot-maven (0.130.3)
      dependabot-common (= 0.130.3)
    dependabot-npm_and_yarn (0.130.3)
      dependabot-common (= 0.130.3)
    dependabot-nuget (0.130.3)
      dependabot-common (= 0.130.3)
    dependabot-omnibus (0.130.3)
      dependabot-bundler (= 0.130.3)
      dependabot-cargo (= 0.130.3)
      dependabot-common (= 0.130.3)
      dependabot-composer (= 0.130.3)
      dependabot-dep (= 0.130.3)
      dependabot-docker (= 0.130.3)
      dependabot-elm (= 0.130.3)
      dependabot-git_submodules (= 0.130.3)
      dependabot-github_actions (= 0.130.3)
      dependabot-go_modules (= 0.130.3)
      dependabot-gradle (= 0.130.3)
      dependabot-hex (= 0.130.3)
      dependabot-maven (= 0.130.3)
      dependabot-npm_and_yarn (= 0.130.3)
      dependabot-nuget (= 0.130.3)
      dependabot-python (= 0.130.3)
      dependabot-terraform (= 0.130.3)
    dependabot-python (0.130.3)
      dependabot-common (= 0.130.3)
    dependabot-terraform (0.130.3)
      dependabot-common (= 0.130.3)
    docker_registry2 (1.10.0)
      rest-client (>= 1.8.0)
    domain_name (0.5.20190701)
      unf (>= 0.0.5, < 1.0.0)
    e2mmap (0.1.0)
    excon (0.78.1)
    faraday (1.3.0)
      faraday-net_http (~> 1.0)
      multipart-post (>= 1.2, < 3)
      ruby2_keywords
    faraday-net_http (1.0.1)
    gitlab (4.17.0)
      httparty (~> 0.18)
      terminal-table (~> 1.5, >= 1.5.1)
    http-accept (1.7.0)
    http-cookie (1.0.3)
      domain_name (~> 0.5)
    httparty (0.18.1)
      mime-types (~> 3.0)
      multi_xml (>= 0.5.2)
    i18n (1.8.7)
      concurrent-ruby (~> 1.0)
    irb (1.2.0)
      reline (>= 0.0.1)
    jaro_winkler (1.5.4)
    jmespath (1.4.0)
    kramdown (2.3.0)
      rexml
    kramdown-parser-gfm (1.1.0)
      kramdown (~> 2.0)
    mime-types (3.3.1)
      mime-types-data (~> 3.2015)
    mime-types-data (3.2020.1104)
    mini_portile2 (2.5.0)
    multi_xml (0.6.0)
    multipart-post (2.1.1)
    netrc (0.11.0)
    nokogiri (1.11.1)
      mini_portile2 (~> 2.5.0)
      racc (~> 1.4)
    octokit (4.20.0)
      faraday (>= 0.9)
      sawyer (~> 0.8.0, >= 0.5.3)
    pandoc-ruby (2.1.4)
    parallel (1.20.1)
    parseconfig (1.0.8)
    parser (3.0.0.0)
      ast (~> 2.4.1)
    pg (1.2.3)
    public_suffix (4.0.6)
    racc (1.5.2)
    rainbow (3.0.0)
    rake (13.0.3)
    regexp_parser (2.0.3)
    reline (0.0.7)
    rest-client (2.1.0)
      http-accept (>= 1.7.0, < 2.0)
      http-cookie (>= 1.0.2, < 2.0)
      mime-types (>= 1.16, < 4.0)
      netrc (~> 0.8)
    reverse_markdown (2.0.0)
      nokogiri
    rexml (3.2.4)
    rubocop (1.9.0)
      parallel (~> 1.10)
      parser (>= 3.0.0.0)
      rainbow (>= 2.2.2, < 4.0)
      regexp_parser (>= 1.8, < 3.0)
      rexml
      rubocop-ast (>= 1.2.0, < 2.0)
      ruby-progressbar (~> 1.7)
      unicode-display_width (>= 1.4.0, < 3.0)
    rubocop-ast (1.4.1)
      parser (>= 2.7.1.5)
    ruby-debug-ide (0.7.2)
      rake (>= 0.8.1)
    ruby-enum (0.8.0)
      i18n
    ruby-progressbar (1.11.0)
    ruby2_keywords (0.0.4)
    sawyer (0.8.2)
      addressable (>= 2.3.5)
      faraday (> 0.8, < 2.0)
    solargraph (0.40.2)
      backport (~> 1.1)
      benchmark
      bundler (>= 1.17.2)
      e2mmap
      jaro_winkler (~> 1.5)
      kramdown (~> 2.3)
      kramdown-parser-gfm (~> 1.1)
      parser (~> 3.0)
      reverse_markdown (>= 1.0.5, < 3)
      rubocop (>= 0.52)
      thor (~> 1.0)
      tilt (~> 2.0)
      yard (~> 0.9, >= 0.9.24)
    terminal-table (1.8.0)
      unicode-display_width (~> 1.1, >= 1.1.1)
    thor (1.1.0)
    tilt (2.0.10)
    toml-rb (2.0.1)
      citrus (~> 3.0, > 3.0)
    unf (0.1.4)
      unf_ext
    unf_ext (0.0.7.7)
    unicode-display_width (1.7.0)
    yard (0.9.26)

PLATFORMS
  ruby

DEPENDENCIES
  debase
  dependabot-omnibus (~> 0.130)
  irb
  pg (~> 1.2)
  ruby-debug-ide
  solargraph (~> 0.40)

BUNDLED WITH
   1.17.3
